GEM
  remote: http://rubygems.org/
  specs:
    activemodel (3.0.6)
      activesupport (= 3.0.6)
      builder (~> 2.1.2)
      i18n (~> 0.5.0)
    activerecord (3.0.6)
      activemodel (= 3.0.6)
      activesupport (= 3.0.6)
      arel (~> 2.0.2)
      tzinfo (~> 0.3.23)
    activesupport (3.0.6)
    arel (2.0.9)
    builder (2.1.2)
    git (1.2.5)
    i18n (0.5.0)
    jeweler (1.5.2)
      bundler (~> 1.0.0)
      git (>= 1.2.5)
      rake
    mysql2 (0.2.7)
    pg (0.10.1)
    rake (0.8.7)
    rcov (0.9.9)
    rr (1.0.2)
    shoulda (2.11.3)
    sqlite3 (1.3.3)
    tzinfo (0.3.26)

PLATFORMS
  ruby

DEPENDENCIES
  activerecord (>= 2.3.5)
  activesupport (>= 2.3.5)
  bundler (~> 1.0.0)
  jeweler (~> 1.5.2)
  mysql2
  pg
  rcov
  rr
  shoulda
  sqlite3
